GEM
  remote: http://rubygems.org/
  specs:
    hashie (0.4.0)
    rake (0.8.7)

PLATFORMS
  ruby

DEPENDENCIES
  hashie (~> 0.4.0)
  rake (~> 0.8.7)
